STORAGE: NONE
RESTRICTION: || (== netcoreapp2.1) (== netcoreapp3.1) (== netstandard2.0)
NUGET
  remote: https://www.nuget.org/api/v2
    Aether (8.3.1)
      FSharp.Core (>= 4.3.4)
    Chiron (6.3.1)
      Aether (>= 8.2)
      FParsec (>= 1.0.3)
      FSharp.Core (>= 4.3.4)
    ClosedXML (0.95.3)
      DocumentFormat.OpenXml (>= 2.7.2)
      ExcelNumberFormat (>= 1.0.10)
      Microsoft.CSharp (>= 4.7)
      System.Drawing.Common (>= 4.5)
    CommandLineParser.FSharp (2.8)
      FSharp.Core (>= 4.5.1)
    DocumentFormat.OpenXml (2.11)
      System.IO.Packaging (>= 4.7)
    ExcelNumberFormat (1.0.10)
    FParsec (1.1.1)
      FSharp.Core (>= 4.3.4)
    FSharp.Core (4.7.2)
    FsUnit.xUnit.Typed (0.4.1-beta)
      FSharp.Core (>= 4.1 < 5.0)
      NHamcrest.XUnit (>= 2.0 < 3.0)
    Google.Api.Gax (3.0)
      Microsoft.Bcl.AsyncInterfaces (>= 1.0)
      Newtonsoft.Json (>= 12.0.3)
    Google.Api.Gax.Rest (3.0)
      Google.Api.Gax (>= 3.0)
      Google.Apis.Auth (>= 1.44.1)
    Google.Apis (1.46)
      Google.Apis.Core (>= 1.46)
    Google.Apis.Auth (1.46)
      Google.Apis (>= 1.46)
      Google.Apis.Core (>= 1.46)
    Google.Apis.Core (1.46)
      Newtonsoft.Json (>= 12.0.3)
    Google.Apis.Translate.v2 (1.46.0.875)
      Google.Apis (>= 1.46)
      Google.Apis.Auth (>= 1.46)
    Google.Cloud.Translation.V2 (2.0)
      Google.Api.Gax.Rest (>= 3.0)
      Google.Apis.Translate.v2 (>= 1.42.0.875)
    Microsoft.Bcl.AsyncInterfaces (1.1.1)
      System.Threading.Tasks.Extensions (>= 4.5.4) - restriction: || (&& (== netcoreapp2.1) (>= net461)) (&& (== netcoreapp2.1) (>= netstandard2.1)) (== netcoreapp3.1) (== netstandard2.0)
    Microsoft.CodeCoverage (16.6.1) - restriction: || (== netcoreapp2.1) (== netcoreapp3.1) (&& (== netstandard2.0) (>= net45)) (&& (== netstandard2.0) (>= netcoreapp2.1))
    Microsoft.CSharp (4.7)
    Microsoft.NET.Test.Sdk (16.6.1)
      Microsoft.CodeCoverage (>= 16.6.1) - restriction: || (== netcoreapp2.1) (== netcoreapp3.1) (&& (== netstandard2.0) (>= net45)) (&& (== netstandard2.0) (>= netcoreapp2.1))
      Microsoft.TestPlatform.TestHost (>= 16.6.1) - restriction: || (== netcoreapp2.1) (== netcoreapp3.1) (&& (== netstandard2.0) (>= netcoreapp2.1))
    Microsoft.NETCore.Platforms (3.1.1)
    Microsoft.TestPlatform.ObjectModel (16.6.1) - restriction: || (== netcoreapp2.1) (== netcoreapp3.1) (&& (== netstandard2.0) (>= netcoreapp2.1))
      NuGet.Frameworks (>= 5.0)
    Microsoft.TestPlatform.TestHost (16.6.1) - restriction: || (== netcoreapp2.1) (== netcoreapp3.1) (&& (== netstandard2.0) (>= netcoreapp2.1))
      Microsoft.TestPlatform.ObjectModel (>= 16.6.1) - restriction: || (== netcoreapp2.1) (== netcoreapp3.1) (&& (== netstandard2.0) (>= netcoreapp2.1)) (&& (== netstandard2.0) (>= uap10.0))
      Newtonsoft.Json (>= 9.0.1) - restriction: || (== netcoreapp2.1) (== netcoreapp3.1) (&& (== netstandard2.0) (>= netcoreapp2.1)) (&& (== netstandard2.0) (>= uap10.0))
    Microsoft.Win32.SystemEvents (4.7) - restriction: || (== netcoreapp2.1) (== netcoreapp3.1) (&& (== netstandard2.0) (>= netcoreapp2.0))
      Microsoft.NETCore.Platforms (>= 3.1) - restriction: || (== netcoreapp2.1) (== netcoreapp3.1) (&& (== netstandard2.0) (>= netcoreapp2.0))
    Mono.Cecil (0.11.2)
    NETStandard.Library (2.0.3)
      Microsoft.NETCore.Platforms (>= 1.1)
    Newtonsoft.Json (12.0.3)
    NHamcrest (2.0.1)
      NETStandard.Library (>= 1.6.1)
    NHamcrest.XUnit (2.0.1)
      NETStandard.Library (>= 1.6.1)
      NHamcrest (>= 2.0.1)
      xunit.assert (>= 2.2 < 3.0)
    NuGet.Frameworks (5.6) - restriction: || (== netcoreapp2.1) (== netcoreapp3.1) (&& (== netstandard2.0) (>= netcoreapp2.1))
    System.Drawing.Common (4.7)
      Microsoft.NETCore.Platforms (>= 3.1) - restriction: || (== netcoreapp2.1) (== netcoreapp3.1) (&& (== netstandard2.0) (>= netcoreapp2.0))
      Microsoft.Win32.SystemEvents (>= 4.7) - restriction: || (== netcoreapp2.1) (== netcoreapp3.1) (&& (== netstandard2.0) (>= netcoreapp2.0))
    System.IO.Packaging (4.7)
    System.Json (4.7.1)
    System.Runtime.CompilerServices.Unsafe (4.7.1) - restriction: || (&& (== netcoreapp2.1) (>= net461)) (&& (== netcoreapp2.1) (< netstandard1.0) (>= netstandard2.1)) (&& (== netcoreapp2.1) (< netstandard2.0) (>= netstandard2.1)) (&& (== netcoreapp2.1) (>= netstandard2.1) (>= wp8)) (&& (== netcoreapp3.1) (>= net461)) (&& (== netcoreapp3.1) (< netcoreapp2.1)) (&& (== netcoreapp3.1) (< netstandard1.0)) (&& (== netcoreapp3.1) (< netstandard2.0)) (&& (== netcoreapp3.1) (>= wp8)) (== netstandard2.0)
    System.Threading.Tasks.Extensions (4.5.4) - restriction: || (&& (== netcoreapp2.1) (>= net461)) (&& (== netcoreapp2.1) (>= netstandard2.1)) (== netcoreapp3.1) (== netstandard2.0)
      System.Runtime.CompilerServices.Unsafe (>= 4.5.3) - restriction: || (&& (== netcoreapp2.1) (>= net461)) (&& (== netcoreapp2.1) (< netstandard1.0)) (&& (== netcoreapp2.1) (< netstandard2.0)) (&& (== netcoreapp2.1) (>= wp8)) (&& (== netcoreapp3.1) (>= net461)) (&& (== netcoreapp3.1) (< netcoreapp2.1)) (&& (== netcoreapp3.1) (< netstandard1.0)) (&& (== netcoreapp3.1) (< netstandard2.0)) (&& (== netcoreapp3.1) (>= wp8)) (== netstandard2.0)
    xunit (2.4.1)
      xunit.analyzers (>= 0.10)
      xunit.assert (2.4.1)
      xunit.core (2.4.1)
    xunit.abstractions (2.0.3)
    xunit.analyzers (0.10)
    xunit.assert (2.4.1)
      NETStandard.Library (>= 1.6.1)
    xunit.core (2.4.1)
      xunit.extensibility.core (2.4.1)
      xunit.extensibility.execution (2.4.1)
    xunit.extensibility.core (2.4.1)
      NETStandard.Library (>= 1.6.1)
      xunit.abstractions (>= 2.0.3)
    xunit.extensibility.execution (2.4.1)
      NETStandard.Library (>= 1.6.1)
      xunit.extensibility.core (2.4.1)
    xunit.runner.visualstudio (2.4.2)
  remote: https://www.myget.org/F/pragmatrix/api/v3/index.json
    FunToolbox (1.4.0)
      FSharp.Core (>= 4.5.4)
